GEM
  remote: https://rubygems.org/
  specs:
    httparty (0.13.1)
      json (~> 1.8)
      multi_xml (>= 0.5.2)
    jenkins_api_client (1.0.1)
      json
      mixlib-shellout (>= 1.1.0)
      nokogiri (~> 1.6.0)
      terminal-table (>= 1.4.0)
      thor (>= 0.16.0)
    json (1.8.1)
    mini_portile (0.6.0)
    mixlib-shellout (1.4.0)
    multi_xml (0.5.5)
    nokogiri (1.6.3.1)
      mini_portile (= 0.6.0)
    rack (1.6.4)
    rack-protection (1.5.3)
      rack
    sinatra (1.4.6)
      rack (~> 1.4)
      rack-protection (~> 1.4)
      tilt (>= 1.3, < 3)
    terminal-table (1.4.5)
    thor (0.18.1)
    tilt (2.0.1)

PLATFORMS
  ruby

DEPENDENCIES
  httparty
  jenkins_api_client
  sinatra
